GIT
  remote: boll.ocks
  revision: f2f3632d022692342560f79a58c13a4000b4b060
  branch: master
  specs:
    ppt (0.0.1)
      amq-client
      simple-orm

GIT
  remote: git://github.com/botanicus/simple-orm.git
  revision: b311d66b10423ef70993288aa50d0da00c727dfe
  branch: master
  specs:
    simple-orm (0.0.1)
      hiredis (~> 0.5)
      redis (~> 3.1)

GEM
  remote: https://rubygems.org/
  specs:
    amq-client (1.0.4)
      amq-protocol (>= 1.9.0)
      eventmachine
    amq-protocol (1.9.2)
    bunny (1.3.1)
      amq-protocol (>= 1.9.2)
    coderay (1.1.0)
    diff-lcs (1.2.5)
    eventmachine (1.0.3)
    hiredis (0.5.2)
    method_source (0.8.2)
    pry (0.10.0)
      coderay (~> 1.1.0)
      method_source (~> 0.8.1)
      slop (~> 3.4)
    redis (3.1.0)
    rspec (3.0.0)
      rspec-core (~> 3.0.0)
      rspec-expectations (~> 3.0.0)
      rspec-mocks (~> 3.0.0)
    rspec-core (3.0.2)
      rspec-support (~> 3.0.0)
    rspec-expectations (3.0.2)
      diff-lcs (>= 1.2.0, < 2.0)
      rspec-support (~> 3.0.0)
    rspec-mocks (3.0.2)
      rspec-support (~> 3.0.0)
    rspec-support (3.0.2)
    slop (3.5.0)

PLATFORMS
  ruby

DEPENDENCIES
  bunny
  ppt!
  pry
  rspec
  simple-orm!
