GEM
  remote: https://rubygems.org/
  specs:
    amq-client (1.0.4)
      amq-protocol (>= 1.9.0)
      eventmachine
    amq-protocol (1.9.2)
    coderay (1.1.0)
    daemons (1.1.9)
    diff-lcs (1.2.5)
    eventmachine (1.0.3)
    mail (2.5.4)
      mime-types (~> 1.16)
      treetop (~> 1.4.8)
    method_source (0.8.2)
    mime-types (1.25.1)
    mini_portile (0.5.3)
    mustache (0.99.5)
    nokogiri (1.6.1)
      mini_portile (~> 0.5.0)
    polyglot (0.3.3)
    pry (0.9.12.6)
      coderay (~> 1.0)
      method_source (~> 0.8)
      slop (~> 3.4)
    rack (1.5.2)
    redis (3.0.6)
    rspec-core (2.14.7)
    rspec-expectations (2.14.4)
      diff-lcs (>= 1.1.3, < 2.0)
    slop (3.5.0)
    thin (1.6.1)
      daemons (>= 1.0.9)
      eventmachine (>= 1.0.0)
      rack (>= 1.0.0)
    treetop (1.4.15)
      polyglot
      polyglot (>= 0.3.1)

PLATFORMS
  ruby

DEPENDENCIES
  amq-client
  mail
  mustache
  nokogiri
  pry
  rack
  redis
  rspec-core
  rspec-expectations
  thin
