GIT
  remote: git://github.com/botanicus/assets-squasher.git
  revision: 08cbad803ded739d273ce4aa25dbf41888f8351e
  branch: master
  specs:
    assets-squasher (0.0.3)
      nokogiri (~> 1.6)

GIT
  remote: git://github.com/botanicus/pipeline-mail_queue.git
  revision: 5f860a6a01de0a85f181e918f1432c05a20b5b37
  branch: master
  specs:
    pipeline-mail_queue (0.0.1)
      mail
      pipeline.rb

GEM
  remote: https://rubygems.org/
  specs:
    amq-client (1.0.4)
      amq-protocol (>= 1.9.0)
      eventmachine
    amq-protocol (1.9.2)
    eventmachine (1.0.3)
    mail (2.6.1)
      mime-types (>= 1.16, < 3)
    mime-types (2.3)
    mini_portile (0.6.0)
    nokogiri (1.6.2.1)
      mini_portile (= 0.6.0)
    pipeline.rb (0.0.1)
      amq-client

PLATFORMS
  ruby

DEPENDENCIES
  assets-squasher!
  pipeline-mail_queue!
