GEM
  remote: https://rubygems.org/
  specs:
    amq-client (1.0.4)
      amq-protocol (>= 1.9.0)
      eventmachine
    amq-protocol (1.9.2)
    daemons (1.1.9)
    eventmachine (1.0.3)
    rack (1.5.2)
    redis (3.0.6)
    thin (1.6.1)
      daemons (>= 1.0.9)
      eventmachine (>= 1.0.0)
      rack (>= 1.0.0)

PLATFORMS
  ruby

DEPENDENCIES
  amq-client
  rack
  redis
  thin
