GEM
  remote: https://rubygems.org/
  specs:
    assets-squasher (0.0.2)
      nokogiri (~> 1.6)
    mini_portile (0.6.0)
    nokogiri (1.6.2.1)
      mini_portile (= 0.6.0)

PLATFORMS
  ruby

DEPENDENCIES
  assets-squasher
