GIT
  remote: git://github.com/botanicus/blog-generator.git
  revision: 0c1e0836a0d82d4b0cf4ce17c3b9018d424f963f
  branch: master
  specs:
    blog-generator (0.0.4)
      nokogiri (~> 1.6)

GEM
  remote: https://rubygems.org/
  specs:
    mini_portile (0.6.2)
    nokogiri (1.6.6.2)
      mini_portile (~> 0.6.0)
    redcarpet (3.2.3)

PLATFORMS
  ruby

DEPENDENCIES
  blog-generator!
  redcarpet
