GEM
  remote: https://rubygems.org/
  specs:
    blog-generator (0.0.1)
      nokogiri (~> 1.6)
    mini_portile (0.6.2)
    nokogiri (1.6.6.2)
      mini_portile (~> 0.6.0)
    redcarpet (3.2.3)

PLATFORMS
  ruby

DEPENDENCIES
  blog-generator
  redcarpet
