GEM
  remote: https://rubygems.org/
  specs:
    http (0.6.1)
      http_parser.rb (~> 0.6.0)
    http_parser.rb (0.6.0)

PLATFORMS
  ruby

DEPENDENCIES
  http
