PATH
  remote: /webs/ppt/gems/ppt
  specs:
    ppt (0.0.1)
      simple-orm

GEM
  remote: https://rubygems.org/
  specs:
    gibbon (1.1.3)
      httparty
      multi_json (>= 1.3.4)
    hiredis (0.5.2)
    httparty (0.13.1)
      json (~> 1.8)
      multi_xml (>= 0.5.2)
    json (1.8.1)
    multi_json (1.10.1)
    multi_xml (0.5.5)
    puma (2.8.2)
      rack (>= 1.1, < 2.0)
    rack (1.5.2)
    rack-protection (1.5.3)
      rack
    redis (3.1.0)
    simple-orm (0.0.1)
      hiredis (~> 0.5)
      redis (~> 3.1)
    sinatra (1.4.5)
      rack (~> 1.4)
      rack-protection (~> 1.4)
      tilt (~> 1.3, >= 1.3.4)
    tilt (1.4.1)

PLATFORMS
  ruby

DEPENDENCIES
  gibbon
  ppt!
  puma
  rack
  sinatra
