GIT
  remote: git://github.com/botanicus/simple-orm.git
  revision: d66b0fa767d74489865ff5ac3461437cd4182d3e
  branch: master
  specs:
    simple-orm (0.0.1)
      hiredis (~> 0)
      redis (~> 3)

PATH
  remote: /webs/ppt/gems/ppt
  specs:
    ppt (0.0.1)
      simple-orm

GEM
  remote: https://rubygems.org/
  specs:
    diff-lcs (1.2.5)
    gibbon (1.1.3)
      httparty
      multi_json (>= 1.3.4)
    hiredis (0.5.2)
    http (0.6.1)
      http_parser.rb (~> 0.6.0)
    http_parser.rb (0.6.0)
    httparty (0.13.1)
      json (~> 1.8)
      multi_xml (>= 0.5.2)
    json (1.8.1)
    multi_json (1.10.1)
    multi_xml (0.5.5)
    puma (2.8.2)
      rack (>= 1.1, < 2.0)
    rack (1.5.2)
    rack-protection (1.5.3)
      rack
    redis (3.1.0)
    rspec (3.0.0)
      rspec-core (~> 3.0.0)
      rspec-expectations (~> 3.0.0)
      rspec-mocks (~> 3.0.0)
    rspec-core (3.0.2)
      rspec-support (~> 3.0.0)
    rspec-expectations (3.0.2)
      diff-lcs (>= 1.2.0, < 2.0)
      rspec-support (~> 3.0.0)
    rspec-mocks (3.0.2)
      rspec-support (~> 3.0.0)
    rspec-support (3.0.2)
    sinatra (1.4.5)
      rack (~> 1.4)
      rack-protection (~> 1.4)
      tilt (~> 1.3, >= 1.3.4)
    tilt (1.4.1)

PLATFORMS
  ruby

DEPENDENCIES
  gibbon
  http
  ppt!
  puma
  rack
  rspec
  simple-orm!
  sinatra
