GIT
  remote: git://github.com/botanicus/pipeline.rb.git
  revision: f04541789990344cd25bbe1d2718861f1429c361
  branch: master
  specs:
    pipeline.rb (0.0.1)
      amq-client

GIT
  remote: git://github.com/botanicus/simple-orm.git
  revision: 19ead40b5b79348c408bd02103359f3f85a2d563
  branch: master
  specs:
    simple-orm (0.0.1)
      hiredis (~> 0)
      redis (~> 3)

PATH
  remote: /webs/ppt/gems/ppt
  specs:
    ppt (0.0.1)
      simple-orm

GEM
  remote: https://rubygems.org/
  specs:
    amq-client (1.0.4)
      amq-protocol (>= 1.9.0)
      eventmachine
    amq-protocol (1.9.2)
    bunny (1.3.1)
      amq-protocol (>= 1.9.2)
    coderay (1.1.0)
    diff-lcs (1.2.5)
    eventmachine (1.0.3)
    hiredis (0.5.2)
    http (0.6.1)
      http_parser.rb (~> 0.6.0)
    http_parser.rb (0.6.0)
    method_source (0.8.2)
    pry (0.10.0)
      coderay (~> 1.1.0)
      method_source (~> 0.8.1)
      slop (~> 3.4)
    redis (3.1.0)
    rspec (3.0.0)
      rspec-core (~> 3.0.0)
      rspec-expectations (~> 3.0.0)
      rspec-mocks (~> 3.0.0)
    rspec-core (3.0.2)
      rspec-support (~> 3.0.0)
    rspec-expectations (3.0.2)
      diff-lcs (>= 1.2.0, < 2.0)
      rspec-support (~> 3.0.0)
    rspec-mocks (3.0.2)
      rspec-support (~> 3.0.0)
    rspec-support (3.0.2)
    slop (3.5.0)

PLATFORMS
  ruby

DEPENDENCIES
  bunny
  http
  pipeline.rb!
  ppt!
  pry
  rspec
  simple-orm!
