GEM
  remote: https://rubygems.org/
  specs:
    puma (2.8.2)
      rack (>= 1.1, < 2.0)
    rack (1.5.2)
    redis (3.0.7)

PLATFORMS
  ruby

DEPENDENCIES
  puma
  rack
  redis
