GIT
  remote: git://github.com/botanicus/rspec-sane-http.git
  revision: b394852dfe459dfd694e790f2b0dedaa6912da1f
  branch: master
  specs:
    rspec-sane-http (0.0.1)
      http (~> 0)

PATH
  remote: /webs/ppt/gems/ppt
  specs:
    ppt (0.0.1)
      simple-orm

GEM
  remote: https://rubygems.org/
  specs:
    amq-protocol (1.9.2)
    bunny (1.3.1)
      amq-protocol (>= 1.9.2)
    diff-lcs (1.2.5)
    hiredis (0.5.2)
    http (0.6.1)
      http_parser.rb (~> 0.6.0)
    http_parser.rb (0.6.0)
    puma (2.8.2)
      rack (>= 1.1, < 2.0)
    rack (1.5.2)
    redis (3.1.0)
    rspec (3.0.0)
      rspec-core (~> 3.0.0)
      rspec-expectations (~> 3.0.0)
      rspec-mocks (~> 3.0.0)
    rspec-core (3.0.2)
      rspec-support (~> 3.0.0)
    rspec-expectations (3.0.2)
      diff-lcs (>= 1.2.0, < 2.0)
      rspec-support (~> 3.0.0)
    rspec-mocks (3.0.2)
      rspec-support (~> 3.0.0)
    rspec-support (3.0.2)
    simple-orm (0.0.1)
      hiredis (~> 0.5)
      redis (~> 3.1)

PLATFORMS
  ruby

DEPENDENCIES
  bunny
  hiredis
  ppt!
  puma
  rack
  redis
  rspec
  rspec-sane-http!
